GEM
  remote: https://rubygems.org/
  specs:
    addressable (2.5.2)
      public_suffix (>= 2.0.2, < 4.0)
    coderay (1.1.1)
    colorize (0.8.1)
    launchy (2.4.3)
      addressable (~> 2.3)
    method_source (0.8.2)
    mini_portile2 (2.8.0)
    nokogiri (1.13.4)
      mini_portile2 (~> 2.8.0)
      racc (~> 1.4)
    pry (0.10.4)
      coderay (~> 1.1.0)
      method_source (~> 0.8.1)
      slop (~> 3.4)
    public_suffix (3.0.0)
    racc (1.6.0)
    require_all (2.0.0)
    slop (3.6.0)

PLATFORMS
  ruby

DEPENDENCIES
  colorize
  launchy
  nokogiri (>= 1.8.5)
  pry
  require_all

BUNDLED WITH
   1.17.3
